PATH
  remote: .
  specs:
    expense_tracker (0.1.0)
      base64 (~> 0.1.0)
      coderay (~> 1.1.1)
      rack-test (~> 0.7.0)
      rspec (~> 3.6.0)
      sinatra (~> 2.0.0)
      webrick (~> 1.8.1)

GEM
  remote: https://rubygems.org/
  specs:
    base64 (0.1.1)
    coderay (1.1.3)
    diff-lcs (1.5.1)
    minitest (5.22.3)
    mustermann (1.1.2)
      ruby2_keywords (~> 0.0.1)
    rack (2.2.9)
    rack-protection (2.0.8.1)
      rack
    rack-test (0.7.0)
      rack (>= 1.0, < 3)
    rake (13.2.1)
    rspec (3.6.0)
      rspec-core (~> 3.6.0)
      rspec-expectations (~> 3.6.0)
      rspec-mocks (~> 3.6.0)
    rspec-core (3.6.0)
      rspec-support (~> 3.6.0)
    rspec-expectations (3.6.0)
      diff-lcs (>= 1.2.0, < 2.0)
      rspec-support (~> 3.6.0)
    rspec-mocks (3.6.0)
      diff-lcs (>= 1.2.0, < 2.0)
      rspec-support (~> 3.6.0)
    rspec-support (3.6.0)
    ruby2_keywords (0.0.5)
    sinatra (2.0.8.1)
      mustermann (~> 1.0)
      rack (~> 2.0)
      rack-protection (= 2.0.8.1)
      tilt (~> 2.0)
    tilt (2.3.0)
    webrick (1.8.1)

PLATFORMS
  ruby
  x86_64-linux

DEPENDENCIES
  expense_tracker!
  minitest (~> 5.16)
  rake (~> 13.0)

BUNDLED WITH
   2.5.9
